GEM
  remote: https://rubygems.org/
  specs:
    addressable (2.3.6)
    httparty (0.13.1)
      json (~> 1.8)
      multi_xml (>= 0.5.2)
    json (1.8.1)
    launchy (2.4.2)
      addressable (~> 2.3)
    mdpress (0.0.17)
      httparty
      launchy
      redcarpet
      trollop
    multi_xml (0.5.5)
    redcarpet (3.1.2)
    trollop (2.0)

PLATFORMS
  ruby

DEPENDENCIES
  mdpress
